GEM
  remote: https://rubygems.org/
  specs:
    addressable (2.8.7)
      public_suffix (>= 2.0.2, < 7.0)
    artii (2.1.2)
    async (2.32.0)
      console (~> 1.29)
      fiber-annotation
      io-event (~> 1.11)
      metrics (~> 0.12)
      traces (~> 0.18)
    async-io (1.43.2)
      async
    bigdecimal (3.2.3)
    console (1.34.0)
      fiber-annotation
      fiber-local (~> 1.1)
      json
    dotenv (2.8.1)
    erubis (2.7.0)
    eventmachine (1.2.7)
    fiber-annotation (0.2.0)
    fiber-local (1.1.0)
      fiber-storage
    fiber-storage (1.0.1)
    gemini_server (0.2.0)
      addressable (~> 2.7)
      async-io (~> 1.30)
      mime-types (~> 3.3)
      mustermann (~> 1.1)
    gopher2000 (0.7.0)
      artii (>= 2.0.1)
      eventmachine (~> 1.2.5)
      logging
      mimemagic
    gserver (0.0.1)
    io-event (1.11.2)
    json (2.13.2)
    little-plugger (1.1.4)
    logger (1.7.0)
    logging (2.4.0)
      little-plugger (~> 1.1)
      multi_json (~> 1.14)
    marcel (1.0.4)
    metrics (0.15.0)
    mime-types (3.7.0)
      logger
      mime-types-data (~> 3.2025, >= 3.2025.0507)
    mime-types-data (3.2025.0909)
    mimemagic (0.4.3)
      nokogiri (~> 1)
      rake
    multi_json (1.17.0)
    mustermann (1.1.2)
      ruby2_keywords (~> 0.0.1)
    mysql2 (0.5.6)
    nokogiri (1.18.10-x86_64-linux-gnu)
      racc (~> 1.4)
    public_suffix (6.0.2)
    racc (1.8.1)
    rake (13.3.0)
    ruby2_keywords (0.0.5)
    traces (0.18.2)
    word_wrap (1.0.0)

PLATFORMS
  x86_64-linux

DEPENDENCIES
  bigdecimal (~> 3.1)
  dotenv (~> 2.8)
  erubis
  gemini_server (~> 0.2.0)
  gopher2000
  gserver
  marcel
  mysql2 (~> 0.5.4)
  nokogiri
  word_wrap

BUNDLED WITH
   2.5.3
